PATH
  remote: .
  specs:
    moira (0.0.1)

GEM
  remote: https://rubygems.org/
  specs:
    rake (10.5.0)

PLATFORMS
  ruby

DEPENDENCIES
  bundler (~> 1.17)
  moira!
  rake (~> 10.0)

BUNDLED WITH
   1.17.1
